GEM
  remote: https://rubygems.org/
  specs:
    cgi (0.3.6)
    concurrent-ruby (1.2.2)
    erb (4.0.2)
      cgi (>= 0.3.3)
    phlex (1.6.1)
      concurrent-ruby (~> 1.2)
      erb (>= 4)
      zeitwerk (~> 2.6)
    zeitwerk (2.6.8)

PLATFORMS
  x86_64-darwin-22

DEPENDENCIES
  phlex

BUNDLED WITH
   2.4.15
